GEM
  remote: http://rubygems.org/
  specs:
    curb (0.8.1)
    diff-lcs (1.1.3)
    git (1.2.5)
    hpricot (0.8.6)
    jeweler (1.8.4)
      bundler (~> 1.0)
      git (>= 1.2.5)
      rake
      rdoc
    json (1.7.3)
    multi_json (1.3.6)
    nokogiri (1.5.5)
    rake (0.9.2.2)
    rdoc (3.12)
      json (~> 1.4)
    rspec (2.8.0)
      rspec-core (~> 2.8.0)
      rspec-expectations (~> 2.8.0)
      rspec-mocks (~> 2.8.0)
    rspec-core (2.8.0)
    rspec-expectations (2.8.0)
      diff-lcs (~> 1.1.2)
    rspec-mocks (2.8.0)
    simplecov (0.6.4)
      multi_json (~> 1.0)
      simplecov-html (~> 0.5.3)
    simplecov-html (0.5.3)

PLATFORMS
  ruby

DEPENDENCIES
  bundler (~> 1.0.0)
  curb (~> 0.8.0)
  hpricot (~> 0.8.6)
  jeweler (~> 1.8.4)
  nokogiri (~> 1.5.3)
  rdoc (~> 3.12)
  rspec (~> 2.8.0)
  simplecov (~> 0.5)
